GIT
  remote: git://github.com/gpks/adder_gem.git
  revision: 09eb79b541130084e25dc642aac18d2ed18ac7b8
  specs:
    adder (0.0.0)

GIT
  remote: git://github.com/patriciomacadden/hobbit.git
  revision: 9e88cb2f2eda971ec586fc148a1d9326bc450615
  specs:
    hobbit (0.6.1)
      rack

GEM
  remote: https://rubygems.org/
  specs:
    better_errors (2.1.1)
      coderay (>= 1.0.0)
      erubis (>= 2.6.6)
      rack (>= 0.9.0)
    coderay (1.1.1)
    erubis (2.7.0)
    minitest (5.10.1)
    rack (1.6.5)
    rack-test (0.6.3)
      rack (>= 1.0)
    rake (12.0.0)

PLATFORMS
  ruby

DEPENDENCIES
  adder!
  better_errors
  hobbit!
  minitest
  rack-test
  rake

BUNDLED WITH
   1.13.6
