GIT
  remote: git://github.com/gpks/adder_gem.git
  revision: 09eb79b541130084e25dc642aac18d2ed18ac7b8
  specs:
    adder (0.0.0)

GIT
  remote: git://github.com/patriciomacadden/hobbit-contrib.git
  revision: b7413b82eaffe9f4e4611a2e1e192038a3e016bf
  specs:
    hobbit-contrib (0.7.1)
      hobbit

GIT
  remote: git://github.com/patriciomacadden/hobbit.git
  revision: 9e88cb2f2eda971ec586fc148a1d9326bc450615
  specs:
    hobbit (0.6.1)
      rack

GEM
  remote: https://rubygems.org/
  specs:
    airbrussh (1.1.1)
      sshkit (>= 1.6.1, != 1.7.0)
    better_errors (2.1.1)
      coderay (>= 1.0.0)
      erubis (>= 2.6.6)
      rack (>= 0.9.0)
    capistrano (3.7.1)
      airbrussh (>= 1.0.0)
      capistrano-harrow
      i18n
      rake (>= 10.0.0)
      sshkit (>= 1.9.0)
    capistrano-bundler (1.2.0)
      capistrano (~> 3.1)
      sshkit (~> 1.2)
    capistrano-harrow (0.5.3)
    capistrano3-unicorn (0.2.1)
      capistrano (~> 3.1, >= 3.1.0)
    coderay (1.1.1)
    erubis (2.7.0)
    i18n (0.7.0)
    kgio (2.10.0)
    minitest (5.10.1)
    net-scp (1.2.1)
      net-ssh (>= 2.6.5)
    net-ssh (4.0.0)
    pg (0.19.0)
    rack (1.6.5)
    rack-test (0.6.3)
      rack (>= 1.0)
    raindrops (0.17.0)
    rake (12.0.0)
    rvm1-capistrano3 (1.4.0)
      capistrano (~> 3.0)
      sshkit (>= 1.2)
    sequel (4.43.0)
    sshkit (1.11.5)
      net-scp (>= 1.1.2)
      net-ssh (>= 2.8.0)
    tilt (2.0.5)
    unicorn (5.2.0)
      kgio (~> 2.6)
      raindrops (~> 0.7)

PLATFORMS
  ruby

DEPENDENCIES
  adder!
  better_errors
  bundler
  capistrano (~> 3.7)
  capistrano-bundler
  capistrano3-unicorn
  hobbit!
  hobbit-contrib!
  minitest
  pg
  rack-test
  rake
  rvm1-capistrano3
  sequel
  tilt
  unicorn

BUNDLED WITH
   1.14.1
